PATH
  remote: .
  specs:
    bada_bing (0.0.2)
      typhoeus
      yajl-ruby

GEM
  remote: http://rubygems.org/
  specs:
    diff-lcs (1.1.3)
    growl (1.0.3)
    guard (0.8.1)
      thor (~> 0.14.6)
    guard-rspec (0.4.5)
      guard (>= 0.4.0)
    mime-types (1.17.2)
    rake (0.9.2.2)
    rspec (2.8.0)
      rspec-core (~> 2.8.0)
      rspec-expectations (~> 2.8.0)
      rspec-mocks (~> 2.8.0)
    rspec-core (2.8.0)
    rspec-expectations (2.8.0)
      diff-lcs (~> 1.1.2)
    rspec-mocks (2.8.0)
    thor (0.14.6)
    typhoeus (0.3.3)
      mime-types
    vcr (2.0.0.rc1)
    yajl-ruby (1.1.0)

PLATFORMS
  ruby

DEPENDENCIES
  bada_bing!
  growl
  guard
  guard-rspec
  rake
  rspec (~> 2.8.0)
  vcr (= 2.0.0rc1)
